GEM
  remote: http://rubygems.org/
  specs:
    addressable (2.5.2)
      public_suffix (>= 2.0.2, < 4.0)
    buftok (0.2.0)
    cookiejar (0.3.3)
    daemons (1.2.5)
    em-http-request (1.1.5)
      addressable (>= 2.3.4)
      cookiejar (!= 0.3.1)
      em-socksify (>= 0.3)
      eventmachine (>= 1.0.3)
      http_parser.rb (>= 0.6.0)
    em-socksify (0.3.1)
      eventmachine (>= 1.0.0.beta.4)
    em-twitter (0.3.5)
      buftok (~> 0.2)
      eventmachine (~> 1.0)
      http_parser.rb (~> 0.6)
      simple_oauth (~> 0.2)
    eventmachine (1.2.5)
    faraday (0.9.2)
      multipart-post (>= 1.2, < 3)
    http_parser.rb (0.6.0)
    multi_json (1.12.2)
    multipart-post (2.0.0)
    public_suffix (3.0.1)
    simple_oauth (0.3.1)
    tweetbot (0.3.0)
      tweetstream
      twitter
    tweetstream (2.6.0)
      daemons (~> 1.1)
      em-http-request (>= 1.1.1)
      em-twitter (~> 0.3)
      multi_json (~> 1.3)
      twitter (~> 4.8)
    twitter (4.8.1)
      faraday (~> 0.8, < 0.10)
      multi_json (~> 1.0)
      simple_oauth (~> 0.2)

PLATFORMS
  ruby

DEPENDENCIES
  tweetbot
  twitter (~> 4.8.1)

RUBY VERSION
   ruby 2.4.2p198

BUNDLED WITH
   1.16.0
